GEM
  remote: https://rubygems.org/ 
  specs:
    actioncable (6.1.0)
      actionpack (= 6.1.0)
      nio4r (~> 2.0)
      websocket-driver (>= 0.6.1)
    actionpack (6.1.0)
      rack (~> 2.0, >= 2.0.8)
      rack-test (~> 1.1)
    activerecord (6.1.0)
      activemodel (= 6.1.0)
      activesupport (= 6.1.0)
      ...
    pg (1.2.3)
    puma (5.2.1)
    rails (6.1.0)
      actioncable (= 6.1.0)
      actionpack (= 6.1.0)
      activerecord (= 6.1.0)
      railties (= 6.1.0)
      ...

PLATFORMS
  ruby

DEPENDENCIES
  pg
  puma
  rails (~> 6.1)

BUNDLED WITH
   2.2.15
